GEM
  remote: https://rubygems.org/
  specs:
    rmagick (3.2.0)

PLATFORMS
  ruby

DEPENDENCIES
  rmagick (= 3.2.0)

BUNDLED WITH
   1.17.2
